GEM
  remote: https://rubygems.org/
  specs:
    coderay (1.1.2)
    econfig (2.1.0)
    method_source (0.9.2)
    pry (0.12.2)
      coderay (~> 1.1.0)
      method_source (~> 0.9.0)
    puma (3.12.1)
    rack (2.0.7)
    rake (12.3.2)
    redis (4.1.0)
    roda (3.19.0)
      rack
    slim (4.0.1)
      temple (>= 0.7.6, < 0.9)
      tilt (>= 2.0.6, < 2.1)
    temple (0.8.1)
    tilt (2.0.9)

PLATFORMS
  ruby

DEPENDENCIES
  econfig (~> 2.1)
  pry (~> 0.12.2)
  puma (~> 3.12, >= 3.12.1)
  rake (~> 12.3, >= 12.3.2)
  redis (~> 4.1)
  roda (~> 3.19)
  slim (~> 4.0, >= 4.0.1)

RUBY VERSION
   ruby 2.6.3p62

BUNDLED WITH
   1.17.2
